GEM
  remote: https://rubygems.org/
  specs:
    addressable (2.7.0)
      public_suffix (>= 2.0.2, < 5.0)
    cliver (0.3.2)
    concurrent-ruby (1.1.5)
    ferrum (0.6.2)
      addressable (~> 2.6)
      cliver (~> 0.3)
      concurrent-ruby (~> 1.1)
      websocket-driver (>= 0.6, < 0.8)
    ffi (1.10.0)
    mimemagic (0.3.3)
    public_suffix (4.0.1)
    ruby-vips (2.0.13)
      ffi (~> 1.9)
    websocket-driver (0.7.1)
      websocket-extensions (>= 0.1.0)
    websocket-extensions (0.1.4)

PLATFORMS
  ruby

DEPENDENCIES
  ferrum
  mimemagic
  ruby-vips

RUBY VERSION
   ruby 2.5.1p57

BUNDLED WITH
   1.17.3
